GIT
  remote: git@github.com:CompanyBook/vidocq.git
  revision: 44022831a4cc21526c271fd775d2f65b27a4e2ac
  specs:
    vidocq (0.0.1)
      zk (>= 1.6.4)

GEM
  specs:
    little-plugger (1.1.3)
    logging (1.7.2)
      little-plugger (>= 1.1.3)
    zk (1.6.5)
      logging (~> 1.7.2)
      zookeeper (~> 1.3.0)
    zookeeper (1.3.0)
      logging (~> 1.7.2)

PLATFORMS
  ruby

DEPENDENCIES
  vidocq!
