GIT
  remote: git://github.com/CompanyBook/vidocq.git
  revision: 79299d50e760ede8c47e3f47d29d75b8d47890fc
  specs:
    vidocq (0.0.4)
      httparty (>= 0.8.0)
      zk (>= 1.6.4)

GEM
  remote: http://rubygems.org/
  specs:
    httparty (0.9.0)
      multi_json (~> 1.0)
      multi_xml
    little-plugger (1.1.3)
    logging (1.7.2)
      little-plugger (>= 1.1.3)
    multi_json (1.3.6)
    multi_xml (0.5.1)
    rack (1.4.1)
    rack-protection (1.2.0)
      rack
    sinatra (1.3.3)
      rack (~> 1.3, >= 1.3.6)
      rack-protection (~> 1.2)
      tilt (~> 1.3, >= 1.3.3)
    tilt (1.3.3)
    zk (1.7.0)
      logging (~> 1.7.2)
      zookeeper (~> 1.3.0)
    zookeeper (1.3.0)
      logging (~> 1.7.2)

PLATFORMS
  ruby

DEPENDENCIES
  sinatra
  vidocq!
