GIT
  remote: git://github.com/CompanyBook/vidocq.git
  revision: 543c560b98ed344bf74a866906739da35253d31f
  specs:
    vidocq (1.0.1)
      activesupport (>= 3.0)
      httparty (>= 0.8.0)
      i18n
      zk (>= 1.6.4)

GEM
  remote: https://rubygems.org/
  specs:
    activesupport (3.2.12)
      i18n (~> 0.6)
      multi_json (~> 1.0)
    daemons (1.1.9)
    eventmachine (1.0.3)
    httparty (0.11.0)
      multi_json (~> 1.0)
      multi_xml (>= 0.5.2)
    i18n (0.6.4)
    little-plugger (1.1.3)
    logging (1.7.2)
      little-plugger (>= 1.1.3)
    multi_json (1.7.7)
    multi_xml (0.5.4)
    rack (1.5.2)
    rack-protection (1.5.0)
      rack
    sinatra (1.4.3)
      rack (~> 1.4)
      rack-protection (~> 1.4)
      tilt (~> 1.3, >= 1.3.4)
    thin (1.5.1)
      daemons (>= 1.0.9)
      eventmachine (>= 0.12.6)
      rack (>= 1.0.0)
    tilt (1.4.1)
    zk (1.8.0)
      logging (~> 1.7.2)
      zookeeper (~> 1.4.0)
    zookeeper (1.4.4)

PLATFORMS
  ruby

DEPENDENCIES
  sinatra
  thin
  vidocq!
